GEM
  remote: https://rubygems.org/
  specs:
    sys-proctable (0.9.8)
    sys-proctable (0.9.8-universal-mingw32)
    webrick (1.3.1)

PLATFORMS
  ruby
  x86-mingw32

DEPENDENCIES
  sys-proctable
  webrick

BUNDLED WITH
   1.10.5
